PATH
  remote: .
  specs:
    active_admin_theme_capsens (0.1.2)

GEM
  remote: https://rubygems.org/
  specs:
    rake (12.3.3)

PLATFORMS
  ruby

DEPENDENCIES
  active_admin_theme_capsens!
  rake (~> 12.0)

BUNDLED WITH
   2.1.4
